GEM
  remote: https://rubygems.org/
  specs:
    coderay (1.1.3)
    method_source (1.0.0)
    pry (0.14.2)
      coderay (~> 1.1)
      method_source (~> 1.0)
    rulers (0.0.1)

PLATFORMS
  x86_64-darwin-21

DEPENDENCIES
  pry
  rulers

BUNDLED WITH
   2.3.13
