PATH
  remote: ../rulers
  specs:
    rulers (0.0.2)
      rack (~> 2.0, >= 2.0.8)

GEM
  remote: https://rubygems.org/
  specs:
    coderay (1.1.3)
    method_source (1.0.0)
    pry (0.14.2)
      coderay (~> 1.1)
      method_source (~> 1.0)
    rack (2.2.6.4)

PLATFORMS
  x86_64-darwin-21

DEPENDENCIES
  pry
  rulers!

BUNDLED WITH
   2.3.13
