PATH
  remote: ../rulers
  specs:
    rulers (0.0.2)
      erubis
      multi_json
      rack (~> 2.0, >= 2.0.8)
      sqlite3

GEM
  remote: https://rubygems.org/
  specs:
    coderay (1.1.3)
    erubis (2.7.0)
    method_source (1.0.0)
    multi_json (1.15.0)
    pry (0.14.2)
      coderay (~> 1.1)
      method_source (~> 1.0)
    rack (2.2.6.4)
    sqlite3 (1.6.2-x86_64-darwin)

PLATFORMS
  x86_64-darwin-21

DEPENDENCIES
  pry
  rulers!

BUNDLED WITH
   2.3.13
