GEM
  remote: https://rubygems.org/
  specs:
    rulers (0.0.1)

PLATFORMS
  x86_64-darwin-21

DEPENDENCIES
  rulers

BUNDLED WITH
   2.3.13
